GEM
  remote: https://rubygems.org/
  specs:
    colorize (0.6.0)
    highline (1.6.20)
    json_pure (1.8.1)
    mime-types (1.25.1)
    package_cloud (0.2.33)
      colorize (= 0.6.0)
      highline (= 1.6.20)
      json_pure (= 1.8.1)
      rest-client (~> 1.6.7)
      thor (~> 0.18)
    rake (11.2.2)
    rest-client (~> 1.7.3)
      mime-types (~> 1.16)
    thor (0.19.1)

PLATFORMS
  ruby

DEPENDENCIES
  package_cloud
  rake

BUNDLED WITH
   1.11.2
